GEM
  remote: http://rubygems.org/
  specs:
    chunky_png (1.2.0)
    coderay (0.9.8)
    compass (0.11.3)
      chunky_png (~> 1.2)
      fssm (>= 0.2.7)
      sass (~> 3.1)
    cri (1.0.1)
    fssm (0.2.7)
    grid-coordinates (1.1.4)
      compass (>= 0.10.5)
    haml (3.1.2)
    kramdown (0.13.3)
    nanoc (3.1.7)
      nanoc3 (>= 3.1.7)
    nanoc3 (3.1.7)
      cri (>= 1.0.0)
    sass (3.1.2)

PLATFORMS
  ruby

DEPENDENCIES
  coderay
  compass
  grid-coordinates
  haml
  kramdown
  nanoc
